GEM
  remote: https://rubygems.org/
  specs:
    gosu (1.4.6)

PLATFORMS
  x64-mingw-ucrt

DEPENDENCIES
  gosu (~> 1.4)

BUNDLED WITH
   2.5.22
